PATH
  remote: .
  specs:
    terminal-layout (0.4.3)
      ansi_string (~> 0.1)
      highline (~> 1.7, >= 1.7.8)
      ruby-terminfo (~> 0.1.1)
      ruby-termios (~> 0.9.6)
      treefell (~> 0.3)

GEM
  remote: https://rubygems.org/
  specs:
    ansi_string (0.1.0)
    byebug (9.0.5)
    coderay (1.1.1)
    diff-lcs (1.2.5)
    highline (1.7.8)
    method_source (0.8.2)
    pry (0.10.3)
      coderay (~> 1.1.0)
      method_source (~> 0.8.1)
      slop (~> 3.4)
    pry-byebug (3.4.0)
      byebug (~> 9.0)
      pry (~> 0.10)
    rake (10.5.0)
    rspec (3.5.0)
      rspec-core (~> 3.5.0)
      rspec-expectations (~> 3.5.0)
      rspec-mocks (~> 3.5.0)
    rspec-core (3.5.1)
      rspec-support (~> 3.5.0)
    rspec-expectations (3.5.0)
      diff-lcs (>= 1.2.0, < 2.0)
      rspec-support (~> 3.5.0)
    rspec-mocks (3.5.0)
      diff-lcs (>= 1.2.0, < 2.0)
      rspec-support (~> 3.5.0)
    rspec-support (3.5.0)
    ruby-terminfo (0.1.1)
    ruby-termios (0.9.6)
    slop (3.6.0)
    term-ansicolor (1.3.2)
      tins (~> 1.0)
    tins (1.10.2)
    treefell (0.3.1)
      ansi_string (~> 0.1)
      term-ansicolor (~> 1.3.2)
      tins (= 1.10.2)

PLATFORMS
  ruby

DEPENDENCIES
  bundler (~> 1.7)
  pry-byebug
  rake (~> 10.0)
  rspec
  term-ansicolor
  terminal-layout!

BUNDLED WITH
   1.12.5
